GEM
  remote: http://rubygems.org/
  specs:
    addressable (2.2.6)
    bson (1.3.1)
    bson_ext (1.3.1)
    erubis (2.7.0)
    faraday (0.7.4)
      addressable (~> 2.2.6)
      multipart-post (~> 1.1.0)
      rack (< 2, >= 1.1.0)
    faraday-stack (0.1.3)
      faraday (~> 0.6)
    heroku (2.4.2)
      launchy (>= 0.3.2)
      rest-client (~> 1.6.1)
      term-ansicolor (~> 1.0.5)
    indextank (1.0.12)
      faraday-stack
      yajl-ruby (>= 0.7.7)
    kgio (2.6.0)
    launchy (2.0.5)
      addressable (~> 2.2.6)
    mime-types (1.16)
    mongo (1.3.1)
      bson (>= 1.3.1)
    multipart-post (1.1.3)
    rack (1.2.3)
    raindrops (0.7.0)
    rest-client (1.6.3)
      mime-types (>= 1.16)
    shotgun (0.9)
      rack (>= 1.0)
    sinatra (1.2.6)
      rack (~> 1.1)
      tilt (< 2.0, >= 1.2.2)
    term-ansicolor (1.0.6)
    tilt (1.3.2)
    unicorn (4.1.1)
      kgio (~> 2.4)
      rack
      raindrops (~> 0.6)
    yajl-ruby (0.8.3)

PLATFORMS
  ruby

DEPENDENCIES
  bson_ext
  erubis
  heroku
  indextank
  mongo
  shotgun
  sinatra
  unicorn
